PATH
  remote: .
  specs:
    ar-octopus (0.4.0)
      activerecord (= 3.1.0.rc5)

GEM
  remote: http://rubygems.org/
  specs:
    Saikuro (1.1.0)
    actionpack (3.1.0.rc5)
      activemodel (= 3.1.0.rc5)
      activesupport (= 3.1.0.rc5)
      builder (~> 3.0.0)
      erubis (~> 2.7.0)
      i18n (~> 0.6)
      rack (~> 1.3.1)
      rack-cache (~> 1.0.2)
      rack-mount (~> 0.8.1)
      rack-test (~> 0.6.0)
      sprockets (~> 2.0.0.beta.12)
    activemodel (3.1.0.rc5)
      activesupport (= 3.1.0.rc5)
      bcrypt-ruby (~> 2.1.4)
      builder (~> 3.0.0)
      i18n (~> 0.6)
    activerecord (3.1.0.rc5)
      activemodel (= 3.1.0.rc5)
      activesupport (= 3.1.0.rc5)
      arel (~> 2.1.4)
      tzinfo (~> 0.3.29)
    activesupport (3.1.0.rc5)
      multi_json (~> 1.0)
    arel (2.1.4)
    arrayfields (4.7.4)
    bcrypt-ruby (2.1.4)
    builder (3.0.0)
    chronic (0.3.0)
    churn (0.0.13)
      chronic (>= 0.2.3)
      hirb
      json_pure
      main
      ruby_parser (~> 2.0.4)
      sexp_processor (~> 3.0.3)
    colored (1.2)
    diff-lcs (1.1.2)
    erubis (2.7.0)
    fattr (2.2.0)
    flay (1.4.3)
      ruby_parser (~> 2.0)
      sexp_processor (~> 3.0)
    flog (2.5.1)
      ruby_parser (~> 2.0)
      sexp_processor (~> 3.0)
    haml (3.1.2)
    hike (1.2.0)
    hirb (0.5.0)
    i18n (0.6.0)
    json_pure (1.5.3)
    main (4.6.0)
      arrayfields (>= 4.7.4)
      fattr (>= 2.1.0)
      map (>= 2.0.0)
    map (4.2.0)
    metric_fu (2.1.1)
      Saikuro (>= 1.1.0)
      activesupport (>= 2.0.0)
      chronic (~> 0.3.0)
      churn (>= 0.0.7)
      flay (>= 1.2.1)
      flog (>= 2.3.0)
      rails_best_practices (>= 0.6.4)
      rcov (>= 0.8.3.3)
      reek (>= 1.2.6)
      roodi (>= 2.1.0)
      syntax
    multi_json (1.0.3)
    mysql2 (0.3.6)
    pg (0.11.0)
    rack (1.3.2)
    rack-cache (1.0.2)
      rack (>= 0.4)
    rack-mount (0.8.2)
      rack (>= 1.0.0)
    rack-test (0.6.1)
      rack (>= 1.0)
    rails_best_practices (0.10.1)
      activesupport
      colored
      erubis
      haml
      i18n
      ruby-progressbar
      ruby_parser
    rcov (0.9.10)
    reek (1.2.8)
      ruby2ruby (~> 1.2)
      ruby_parser (~> 2.0)
      sexp_processor (~> 3.0)
    roodi (2.1.0)
      ruby_parser
    rspec (2.6.0)
      rspec-core (~> 2.6.0)
      rspec-expectations (~> 2.6.0)
      rspec-mocks (~> 2.6.0)
    rspec-core (2.6.4)
    rspec-expectations (2.6.0)
      diff-lcs (~> 1.1.2)
    rspec-mocks (2.6.0)
    ruby-progressbar (0.0.10)
    ruby2ruby (1.2.5)
      ruby_parser (~> 2.0)
      sexp_processor (~> 3.0)
    ruby_parser (2.0.6)
      sexp_processor (~> 3.0)
    sexp_processor (3.0.5)
    sprockets (2.0.0.beta.13)
      hike (~> 1.2)
      rack (~> 1.0)
      tilt (~> 1.1, != 1.3.0)
    sqlite3 (1.3.4)
    syntax (1.0.0)
    tilt (1.3.2)
    tzinfo (0.3.29)

PLATFORMS
  ruby

DEPENDENCIES
  actionpack (= 3.1.0.rc5)
  ar-octopus!
  metric_fu (>= 2.1.1)
  mysql2 (>= 0.3.6)
  pg (>= 0.11.0)
  rspec (>= 2.0)
  sqlite3 (>= 1.3.4)
